PATH
  remote: .
  specs:
    oso-cloud (1.2.0)
      faraday (>= 1.10)
      faraday-retry (>= 1)

GEM
  remote: https://rubygems.org/
  specs:
    faraday (2.7.5)
      faraday-net_http (>= 2.0, < 3.1)
      ruby2_keywords (>= 0.0.4)
    faraday-net_http (3.0.2)
    faraday-retry (2.1.0)
      faraday (~> 2.0)
    minitest (5.18.0)
    rake (12.3.3)
    ruby2_keywords (0.0.5)

PLATFORMS
  ruby

DEPENDENCIES
  minitest (~> 5.15)
  oso-cloud!
  rake (~> 12.0)

BUNDLED WITH
   2.3.13
